GEM
  remote: https://rubygems.org/
  specs:
    docile (1.1.5)
    ffi (1.9.10)
    opengl-bindings (1.5.3)

PLATFORMS
  ruby

DEPENDENCIES
  docile
  ffi
  opengl-bindings

BUNDLED WITH
   1.11.2
